GEM
  remote: https://rubygems.org/
  specs:
    hashdiff (0.3.8)

PLATFORMS
  ruby

DEPENDENCIES
  hashdiff

BUNDLED WITH
   2.0.1
