PATH
  remote: .
  specs:
    modulator (0.2.5)
      humidifier
      puma
      rerun
      roda
      rubyzip

GEM
  remote: https://rubygems.org/
  specs:
    aws-eventstream (1.0.3)
    aws-partitions (1.161.0)
    aws-sdk-cloudformation (1.20.0)
      aws-sdk-core (~> 3, >= 3.48.2)
      aws-sigv4 (~> 1.1)
    aws-sdk-core (3.52.0)
      aws-eventstream (~> 1.0, >= 1.0.2)
      aws-partitions (~> 1.0)
      aws-sigv4 (~> 1.1)
      jmespath (~> 1.0)
    aws-sdk-kms (1.19.0)
      aws-sdk-core (~> 3, >= 3.48.2)
      aws-sigv4 (~> 1.1)
    aws-sdk-s3 (1.37.0)
      aws-sdk-core (~> 3, >= 3.48.2)
      aws-sdk-kms (~> 1)
      aws-sigv4 (~> 1.0)
    aws-sigv4 (1.1.0)
      aws-eventstream (~> 1.0, >= 1.0.2)
    diff-lcs (1.3)
    fast_underscore (0.3.1)
    ffi (1.10.0)
    hollaback (0.1.0)
    humidifier (3.2.0)
      aws-sdk-cloudformation (~> 1.19)
      aws-sdk-s3 (~> 1.36)
      fast_underscore (~> 0.3)
      thor (~> 0.20)
      thor-hollaback (~> 0.1)
    jmespath (1.4.0)
    listen (3.1.5)
      rb-fsevent (~> 0.9, >= 0.9.4)
      rb-inotify (~> 0.9, >= 0.9.7)
      ruby_dep (~> 1.2)
    puma (3.12.1)
    rack (2.0.7)
    rack-test (1.1.0)
      rack (>= 1.0, < 3)
    rake (10.5.0)
    rb-fsevent (0.10.3)
    rb-inotify (0.10.0)
      ffi (~> 1.0)
    rerun (0.13.0)
      listen (~> 3.0)
    roda (3.19.0)
      rack
    rspec (3.8.0)
      rspec-core (~> 3.8.0)
      rspec-expectations (~> 3.8.0)
      rspec-mocks (~> 3.8.0)
    rspec-core (3.8.0)
      rspec-support (~> 3.8.0)
    rspec-expectations (3.8.3)
      diff-lcs (>= 1.2.0, < 2.0)
      rspec-support (~> 3.8.0)
    rspec-mocks (3.8.0)
      diff-lcs (>= 1.2.0, < 2.0)
      rspec-support (~> 3.8.0)
    rspec-support (3.8.0)
    ruby_dep (1.5.0)
    rubyzip (1.2.2)
    thor (0.20.3)
    thor-hollaback (0.1.2)
      hollaback (~> 0.1.0)
      thor (~> 0.20, >= 0.19.1)

PLATFORMS
  ruby

DEPENDENCIES
  bundler (~> 2.0)
  modulator!
  rack-test (~> 1.1)
  rake (~> 10.0)
  rspec (~> 3.0)

BUNDLED WITH
   2.0.1
